GEM
  remote: https://rubygems.org/
  specs:
    multi_exiftool (0.17.0)

PLATFORMS
  x86_64-darwin-21

DEPENDENCIES
  multi_exiftool

BUNDLED WITH
   2.3.7
